GIT
  remote: https://github.com/andhapp/activerecord_sans_rails.git
  revision: b8e7f76f89eab79e36c94ee23b85b449ba888534
  specs:
    activerecord_sans_rails (0.2.0)

GEM
  remote: https://rubygems.org/
  specs:
    activemodel (5.0.0.1)
      activesupport (= 5.0.0.1)
    activerecord (5.0.0.1)
      activemodel (= 5.0.0.1)
      activesupport (= 5.0.0.1)
      arel (~> 7.0)
    activesupport (5.0.0.1)
      concurrent-ruby (~> 1.0, >= 1.0.2)
      i18n (~> 0.7)
      minitest (~> 5.1)
      tzinfo (~> 1.1)
    arel (7.1.2)
    ast (2.3.0)
    attributor (5.1.0)
      activesupport (>= 3)
      hashie (~> 3)
      randexp (~> 0)
    concurrent-ruby (1.0.2)
    diff-lcs (1.2.5)
    harness (2.0.0)
      statsd-ruby
    hashie (3.4.6)
    i18n (0.7.0)
    mime (0.4.3)
    minitest (5.9.1)
    mustermann (0.4.0)
      tool (~> 0.2)
    parser (2.3.1.4)
      ast (~> 2.2)
    pg (0.19.0)
    powerpack (0.1.1)
    praxis (0.21)
      activesupport (>= 3)
      attributor (~> 5.1)
      harness (~> 2)
      mime (~> 0)
      mustermann (~> 0)
      praxis-blueprints (~> 3.3)
      praxis-mapper (~> 4.3)
      rack (~> 1)
      terminal-table (~> 1.4)
      thor (~> 0.18)
    praxis-blueprints (3.3)
      activesupport (>= 3)
      attributor (>= 5.1)
      randexp (~> 0)
    praxis-mapper (4.3)
      activesupport (>= 3)
      randexp (~> 0)
      sequel (~> 4)
    rack (1.6.4)
    rack-rewrite (1.5.1)
    rack-test (0.6.3)
      rack (>= 1.0)
    rainbow (2.1.0)
    rake (11.3.0)
    randexp (0.1.7)
    rspec (3.5.0)
      rspec-core (~> 3.5.0)
      rspec-expectations (~> 3.5.0)
      rspec-mocks (~> 3.5.0)
    rspec-core (3.5.3)
      rspec-support (~> 3.5.0)
    rspec-expectations (3.5.0)
      diff-lcs (>= 1.2.0, < 2.0)
      rspec-support (~> 3.5.0)
    rspec-mocks (3.5.0)
      diff-lcs (>= 1.2.0, < 2.0)
      rspec-support (~> 3.5.0)
    rspec-support (3.5.0)
    rubocop (0.43.0)
      parser (>= 2.3.1.1, < 3.0)
      powerpack (~> 0.1)
      rainbow (>= 1.99.1, < 3.0)
      ruby-progressbar (~> 1.7)
      unicode-display_width (~> 1.0, >= 1.0.1)
    ruby-progressbar (1.8.1)
    sequel (4.38.0)
    statsd-ruby (1.3.0)
    terminal-table (1.7.3)
      unicode-display_width (~> 1.1.1)
    thor (0.19.1)
    thread_safe (0.3.5)
    tool (0.2.3)
    tzinfo (1.2.2)
      thread_safe (~> 0.1)
    unicode-display_width (1.1.1)

PLATFORMS
  ruby

DEPENDENCIES
  activemodel
  activerecord
  activerecord_sans_rails!
  activesupport
  pg
  praxis
  rack (~> 1.0)
  rack-rewrite
  rack-test
  rake
  rspec
  rubocop

BUNDLED WITH
   1.12.5
